GEM
  remote: https://rubygems.org/
  specs:
    diff-lcs (1.2.5)
    facter (2.4.6)
    facterdb (0.3.6)
      facter
      jgrep
    hiera (3.2.1)
    jgrep (1.4.1)
      json
    json (2.0.2)
    json_pure (1.8.3)
    mcollective-client (2.9.0)
      json
      stomp
      systemu
    metaclass (0.0.4)
    metadata-json-lint (0.0.11)
      json
      spdx-licenses (~> 1.0)
    mocha (1.1.0)
      metaclass (~> 0.0.1)
    puppet (4.6.1)
      facter (> 2.0, < 4)
      hiera (>= 2.0, < 4)
      json_pure (~> 1.8)
    puppet-lint (2.0.2)
    puppet-syntax (2.1.0)
      rake
    puppetlabs_spec_helper (1.1.1)
      mocha
      puppet-lint
      puppet-syntax
      rake
      rspec-puppet
    rake (11.2.2)
    rspec (3.5.0)
      rspec-core (~> 3.5.0)
      rspec-expectations (~> 3.5.0)
      rspec-mocks (~> 3.5.0)
    rspec-core (3.5.2)
      rspec-support (~> 3.5.0)
    rspec-expectations (3.5.0)
      diff-lcs (>= 1.2.0, < 2.0)
      rspec-support (~> 3.5.0)
    rspec-mocks (3.5.0)
      diff-lcs (>= 1.2.0, < 2.0)
      rspec-support (~> 3.5.0)
    rspec-puppet (2.4.0)
      rspec
    rspec-puppet-facts (1.6.1)
      facter
      facterdb (>= 0.3.0)
      json
      mcollective-client
      puppet
    rspec-support (3.5.0)
    spdx-licenses (1.1.0)
    stomp (1.4.3)
    systemu (2.6.5)

PLATFORMS
  ruby

DEPENDENCIES
  facter (>= 1.7.0)
  metadata-json-lint
  puppet (>= 4.4)
  puppet-lint (>= 1.0.0)
  puppetlabs_spec_helper (>= 0.1.0)
  rspec-puppet-facts

BUNDLED WITH
   1.12.5
